PATH
  remote: .
  specs:
    motion_model (0.6.0)
      bubble-wrap (>= 1.3.0)
      motion-support (>= 0.1.0)

GEM
  remote: https://rubygems.org/
  specs:
    bubble-wrap (1.7.1)
      bubble-wrap-http (= 1.7.1)
    bubble-wrap-http (1.7.1)
    motion-require (0.2.0)
    motion-stump (0.3.0)
    motion-support (0.2.6)
      motion-require (>= 0.0.6)
    rake (10.3.2)

PLATFORMS
  ruby

DEPENDENCIES
  motion-stump (~> 0.2)
  motion_model!
  rake
