GEM
  remote: https://rubygems.org/
  specs:
    bubble-wrap (1.9.5)
    motion-stump (0.3.2)
    rake (11.1.0)

PLATFORMS
  ruby

DEPENDENCIES
  bubble-wrap
  motion-stump (~> 0.2)
  rake
