GEM
  remote: https://rubygems.org/
  specs:
    bubble-wrap (1.3.0)
    motion-stump (0.3.0)
    rake (10.1.0)

PLATFORMS
  ruby

DEPENDENCIES
  bubble-wrap
  motion-stump (~> 0.2)
  rake
